PATH
  remote: .
  specs:
    vk-ruby (0.8.41)
      multi_json (~> 1.3.6)
      transformer (~> 0.2.2)

GEM
  remote: http://rubygems.org/
  specs:
    addressable (2.2.6)
    crack (0.3.1)
    minitest (2.10.0)
    multi_json (1.3.6)
    oj (1.0.6)
    rake (0.9.2.2)
    transformer (0.2.2)
    webmock (1.7.8)
      addressable (~> 2.2, > 2.2.5)
      crack (>= 0.1.7)

PLATFORMS
  ruby

DEPENDENCIES
  minitest (~> 2.8)
  oj (~> 1.0.6)
  rake (~> 0.9)
  vk-ruby!
  webmock (~> 1.0)
